RESTRICTION: == net46
NUGET
  remote: https://www.nuget.org/api/v2
    FAKE.Lib (4.63.2)
    FSharp.Core (4.2.3)
    Gauge.CSharp.Core (0.3.0)
      Gauge.CSharp.Lib (>= 0.7.1)
      Google.Protobuf (>= 3.5.1)
    Gauge.CSharp.Lib (0.7.1)
    Google.Protobuf (3.5.1)
    Google.Protobuf.Tools (3.1)
    Microsoft.CodeAnalysis.Analyzers (1.1)
    Microsoft.CodeAnalysis.Common (1.1)
      Microsoft.CodeAnalysis.Analyzers (>= 1.0 < 1.2)
      System.Collections.Immutable (>= 1.1.37)
      System.Reflection.Metadata (>= 1.1)
    Microsoft.CodeAnalysis.CSharp (1.1)
      Microsoft.CodeAnalysis.Common (1.1)
    Microsoft.Web.Xdt (2.1.1)
    NLog (4.2.2)
    NuGet.Core (2.10.1)
      Microsoft.Web.Xdt (>= 2.1)
    System.Collections.Immutable (1.1.37)
    System.Reflection.Metadata (1.1)
      System.Collections.Immutable (>= 1.1.37)

GROUP Build
RESTRICTION: == net46
NUGET
  remote: https://www.nuget.org/api/v2
    FAKE (4.63.2)
    FSharp.Compiler.Service (2.0.0.6)
    FSharp.Formatting (2.14.4)
      FSharp.Compiler.Service (2.0.0.6)
      FSharpVSPowerTools.Core (>= 2.3 < 2.4)
    FSharpVSPowerTools.Core (2.3)
      FSharp.Compiler.Service (>= 2.0.0.3)
    SourceLink.Fake (1.1)

GROUP Test
RESTRICTION: == net46
NUGET
  remote: https://www.nuget.org/api/v2
    Castle.Core (4.2)
    Moq (4.7.137)
      Castle.Core (>= 4.2)
    NUnit (3.8.1)
    NUnit.ConsoleRunner (3.7)
    NUnit.Extension.NUnitProjectLoader (3.6)
    NUnit.Extension.NUnitV2Driver (3.7)
    NUnit.Extension.NUnitV2ResultWriter (3.6)
    NUnit.Extension.TeamCityEventListener (1.0.2)
    NUnit.Extension.VSProjectLoader (3.6)
    NUnit.Runners (3.7)
      NUnit.ConsoleRunner (>= 3.7)
      NUnit.Extension.NUnitProjectLoader (>= 3.5)
      NUnit.Extension.NUnitV2Driver (>= 3.6)
      NUnit.Extension.NUnitV2ResultWriter (>= 3.5)
      NUnit.Extension.TeamCityEventListener (>= 1.0.2)
      NUnit.Extension.VSProjectLoader (>= 3.5)
    OpenCover (4.6.519)
    ReportGenerator (3.0)
