RESTRICTION: == net46
NUGET
  remote: https://www.nuget.org/api/v2
    FAKE.Lib (4.64.11)
    FSharp.Core (4.2.3)
    Gauge.CSharp.Core (0.3.1)
      Google.Protobuf (>= 3.5.1)
    Gauge.CSharp.Lib (0.7.1)
    Google.Protobuf (3.5.1)
    Google.Protobuf.Tools (3.5.1)
    Microsoft.CodeAnalysis.Analyzers (1.1)
    Microsoft.CodeAnalysis.Common (1.1)
      Microsoft.CodeAnalysis.Analyzers (>= 1.0 < 1.2)
      System.Collections.Immutable (>= 1.1.37)
      System.Reflection.Metadata (>= 1.1)
    Microsoft.CodeAnalysis.CSharp (1.1)
      Microsoft.CodeAnalysis.Common (1.1)
    Microsoft.Web.Xdt (2.1.1)
    NLog (4.2.2)
    NuGet.Core (2.10.1)
      Microsoft.Web.Xdt (>= 2.1)
    System.Collections (4.3)
    System.Collections.Immutable (1.1.37)
      System.Collections (>= 4.0)
      System.Diagnostics.Debug (>= 4.0)
      System.Globalization (>= 4.0)
      System.Linq (>= 4.0)
      System.Resources.ResourceManager (>= 4.0)
      System.Runtime (>= 4.0)
      System.Runtime.Extensions (>= 4.0)
      System.Threading (>= 4.0)
    System.Diagnostics.Debug (4.3)
    System.Globalization (4.3)
    System.Linq (4.3)
    System.Reflection.Metadata (1.1)
      System.Collections.Immutable (>= 1.1.37)
    System.Resources.ResourceManager (4.3)
    System.Runtime (4.3)
    System.Runtime.Extensions (4.3)
    System.Threading (4.3)

GROUP Build
RESTRICTION: == net46
NUGET
  remote: https://www.nuget.org/api/v2
    FAKE (4.64.11)
    FSharp.Compiler.Service (2.0.0.6)
    FSharp.Formatting (2.14.4)
      FSharp.Compiler.Service (2.0.0.6)
      FSharpVSPowerTools.Core (>= 2.3 < 2.4)
    FSharpVSPowerTools.Core (2.3)
      FSharp.Compiler.Service (>= 2.0.0.3)
    SourceLink.Fake (1.1)

GROUP Test
RESTRICTION: == net46
NUGET
  remote: https://www.nuget.org/api/v2
    Castle.Core (4.2.1)
    Moq (4.7)
      Castle.Core (>= 4.0)
    NUnit (3.10.1)
    NUnit.ConsoleRunner (3.8)
    NUnit.Extension.NUnitProjectLoader (3.6)
    NUnit.Extension.NUnitV2Driver (3.7)
    NUnit.Extension.NUnitV2ResultWriter (3.6)
    NUnit.Extension.TeamCityEventListener (1.0.3)
    NUnit.Extension.VSProjectLoader (3.7)
    NUnit.Runners (3.8)
      NUnit.ConsoleRunner (>= 3.8)
      NUnit.Extension.NUnitProjectLoader (>= 3.5)
      NUnit.Extension.NUnitV2Driver (>= 3.6)
      NUnit.Extension.NUnitV2ResultWriter (>= 3.5)
      NUnit.Extension.TeamCityEventListener (>= 1.0.3)
      NUnit.Extension.VSProjectLoader (>= 3.7)
    OpenCover (4.6.519)
    ReportGenerator (3.1.2)
